GEM
  remote: https://rubygems.org/
  specs:
    activemodel (3.2.16)
      activesupport (= 3.2.16)
      builder (~> 3.0.0)
    activerecord (3.2.16)
      activemodel (= 3.2.16)
      activesupport (= 3.2.16)
      arel (~> 3.0.2)
      tzinfo (~> 0.3.29)
    activesupport (3.2.16)
      i18n (~> 0.6, >= 0.6.4)
      multi_json (~> 1.0)
    arel (3.0.3)
    builder (3.0.4)
    chunky_png (1.2.9)
    compass (0.12.2)
      chunky_png (~> 1.2)
      fssm (>= 0.2.7)
      sass (~> 3.1)
    database_cleaner (1.2.0)
    diff-lcs (1.2.5)
    factory_girl (4.3.0)
      activesupport (>= 3.0.0)
    forgery (0.5.0)
    fssm (0.2.10)
    haml (4.0.4)
      tilt
    hashie (2.0.5)
    http_router (0.11.0)
      rack (>= 1.0.0)
      url_mount (~> 0.2.1)
    i18n (0.6.9)
    kgio (2.8.1)
    mail (2.5.4)
      mime-types (~> 1.16)
      treetop (~> 1.4.8)
    mime-types (1.25.1)
    multi_json (1.8.2)
    mysql2 (0.3.14)
    oauth (0.4.7)
    omniauth (1.1.4)
      hashie (>= 1.2, < 3)
      rack
    omniauth-oauth (1.0.1)
      oauth
      omniauth (~> 1.0)
    omniauth-twitter (1.0.1)
      multi_json (~> 1.3)
      omniauth-oauth (~> 1.0)
    padrino (0.11.4)
      padrino-admin (= 0.11.4)
      padrino-cache (= 0.11.4)
      padrino-core (= 0.11.4)
      padrino-gen (= 0.11.4)
      padrino-helpers (= 0.11.4)
      padrino-mailer (= 0.11.4)
    padrino-admin (0.11.4)
      padrino-core (= 0.11.4)
      padrino-helpers (= 0.11.4)
    padrino-cache (0.11.4)
      padrino-core (= 0.11.4)
      padrino-helpers (= 0.11.4)
    padrino-core (0.11.4)
      activesupport (>= 3.1, < 4.0)
      http_router (~> 0.11.0)
      rack-protection (>= 1.5.0)
      sinatra (~> 1.4.2)
      thor (~> 0.17.0)
      tilt (~> 1.4.1)
    padrino-gen (0.11.4)
      bundler (~> 1.0)
      padrino-core (= 0.11.4)
    padrino-helpers (0.11.4)
      i18n (~> 0.6)
      padrino-core (= 0.11.4)
    padrino-mailer (0.11.4)
      mail (~> 2.5.3)
      padrino-core (= 0.11.4)
    polyglot (0.3.3)
    rack (1.5.2)
    rack-protection (1.5.1)
      rack
    rack-test (0.6.2)
      rack (>= 1.0)
    raindrops (0.12.0)
    rake (10.1.1)
    rspec (2.14.1)
      rspec-core (~> 2.14.0)
      rspec-expectations (~> 2.14.0)
      rspec-mocks (~> 2.14.0)
    rspec-core (2.14.7)
    rspec-expectations (2.14.4)
      diff-lcs (>= 1.1.3, < 2.0)
    rspec-mocks (2.14.4)
    sass (3.2.13)
    sinatra (1.4.4)
      rack (~> 1.4)
      rack-protection (~> 1.4)
      tilt (~> 1.3, >= 1.3.4)
    thor (0.17.0)
    tilt (1.4.1)
    treetop (1.4.15)
      polyglot
      polyglot (>= 0.3.1)
    tzinfo (0.3.38)
    unicorn (4.7.0)
      kgio (~> 2.6)
      rack
      raindrops (~> 0.7)
    url_mount (0.2.1)
      rack
    weighted_randomizer (0.1.2)

PLATFORMS
  ruby

DEPENDENCIES
  activerecord (>= 3.1)
  compass
  database_cleaner
  factory_girl
  forgery
  haml
  mysql2
  omniauth
  omniauth-twitter
  padrino (= 0.11.4)
  rack-test
  rake
  rspec
  unicorn
  weighted_randomizer
